GEM
  remote: https://rubygems.org/
  specs:
    git (1.11.0)
      rchardet (~> 1.8)
    meetup_client (0.1.0)
    rchardet (1.8.0)

PLATFORMS
  ruby

DEPENDENCIES
  git
  meetup_client
