GEM
  remote: https://rubygems.org/
  specs:
    git (1.3.0)

PLATFORMS
  ruby

DEPENDENCIES
  git
